PATH
  remote: .
  specs:
    rpub (0.4.1)
      builder
      commander
      kramdown
      nokogiri
      rubyzip (~> 1.0.0)
      textstats
      typogruby

GEM
  remote: https://rubygems.org/
  specs:
    aruba (0.5.3)
      childprocess (>= 0.3.6)
      cucumber (>= 1.1.1)
      rspec-expectations (>= 2.7.0)
    builder (3.2.2)
    childprocess (0.3.9)
      ffi (~> 1.0, >= 1.0.11)
    colorize (0.5.8)
    commander (4.1.5)
      highline (~> 1.6.11)
    coveralls (0.6.7)
      colorize
      multi_json (~> 1.3)
      rest-client
      simplecov (>= 0.7)
      thor
    cucumber (1.3.2)
      builder (>= 2.1.2)
      diff-lcs (>= 1.1.3)
      gherkin (~> 2.12.0)
      multi_json (~> 1.3)
    diff-lcs (1.2.4)
    ffi (1.8.1)
    gherkin (2.12.0)
      multi_json (~> 1.3)
    highline (1.6.20)
    kramdown (1.2.0)
    mime-types (1.23)
    mini_portile (0.5.2)
    multi_json (1.7.4)
    nokogiri (1.6.0)
      mini_portile (~> 0.5.0)
    rake (10.0.4)
    rest-client (1.6.7)
      mime-types (>= 1.16)
    rspec (2.13.0)
      rspec-core (~> 2.13.0)
      rspec-expectations (~> 2.13.0)
      rspec-mocks (~> 2.13.0)
    rspec-core (2.13.1)
    rspec-expectations (2.13.0)
      diff-lcs (>= 1.1.3, < 2.0)
    rspec-mocks (2.13.1)
    rubypants (0.2.0)
    rubyzip (1.0.0)
    simplecov (0.7.1)
      multi_json (~> 1.0)
      simplecov-html (~> 0.7.1)
    simplecov-html (0.7.1)
    textstats (0.0.2)
    thor (0.18.1)
    typogruby (1.0.16)
      rubypants
    yard (0.8.6.1)

PLATFORMS
  ruby

DEPENDENCIES
  aruba
  coveralls
  cucumber
  rake
  rpub!
  rspec
  simplecov
  yard
