PATH
  remote: .
  specs:
    rpub (0.5.0)
      builder
      commander
      kramdown
      nokogiri
      rubyzip
      textstats
      typogruby

GEM
  remote: https://rubygems.org/
  specs:
    aruba (0.6.0)
      childprocess (>= 0.3.6)
      cucumber (>= 1.1.1)
      rspec-expectations (>= 2.7.0)
    builder (3.2.2)
    childprocess (0.5.3)
      ffi (~> 1.0, >= 1.0.11)
    commander (4.2.1)
      highline (~> 1.6.11)
    coveralls (0.7.0)
      multi_json (~> 1.3)
      rest-client
      simplecov (>= 0.7)
      term-ansicolor
      thor
    cucumber (1.3.16)
      builder (>= 2.1.2)
      diff-lcs (>= 1.1.3)
      gherkin (~> 2.12)
      multi_json (>= 1.7.5, < 2.0)
      multi_test (>= 0.1.1)
    diff-lcs (1.2.5)
    docile (1.1.5)
    domain_name (0.5.20190701)
      unf (>= 0.0.5, < 1.0.0)
    ffi (1.12.2)
    gherkin (2.12.2)
      multi_json (~> 1.3)
    highline (1.6.21)
    http-accept (1.7.0)
    http-cookie (1.0.3)
      domain_name (~> 0.5)
    kramdown (1.5.0)
    mime-types (3.3.1)
      mime-types-data (~> 3.2015)
    mime-types-data (3.2019.1009)
    mini_portile2 (2.4.0)
    multi_json (1.10.1)
    multi_test (0.1.1)
    netrc (0.11.0)
    nokogiri (1.10.9)
      mini_portile2 (~> 2.4.0)
    rake (13.0.1)
    rest-client (2.1.0)
      http-accept (>= 1.7.0, < 2.0)
      http-cookie (>= 1.0.2, < 2.0)
      mime-types (>= 1.16, < 4.0)
      netrc (~> 0.8)
    rspec (3.0.0)
      rspec-core (~> 3.0.0)
      rspec-expectations (~> 3.0.0)
      rspec-mocks (~> 3.0.0)
    rspec-core (3.0.4)
      rspec-support (~> 3.0.0)
    rspec-expectations (3.0.4)
      diff-lcs (>= 1.2.0, < 2.0)
      rspec-support (~> 3.0.0)
    rspec-mocks (3.0.4)
      rspec-support (~> 3.0.0)
    rspec-support (3.0.4)
    rubypants (0.2.0)
    rubyzip (2.2.0)
    simplecov (0.9.0)
      docile (~> 1.1.0)
      multi_json
      simplecov-html (~> 0.8.0)
    simplecov-html (0.8.0)
    term-ansicolor (1.3.0)
      tins (~> 1.0)
    textstats (0.0.2)
    thor (0.19.1)
    tins (1.3.1)
    typogruby (1.0.17)
      rubypants
    unf (0.1.4)
      unf_ext
    unf_ext (0.0.7.6)
    yard (0.9.24)

PLATFORMS
  ruby

DEPENDENCIES
  aruba
  coveralls
  cucumber
  rake
  rpub!
  rspec (~> 3.0)
  simplecov
  yard
